GIT
  remote: git://github.com/celluloid/celluloid.git
  revision: 11fe1990fd6ebc723a21b2fef5bc7a540b83e3f0
  specs:
    celluloid (0.16.0.pre)
      timers (~> 1.1.0)

GIT
  remote: git://github.com/celluloid/reel.git
  revision: 03241b0fad89be13e83a89403628cb186408fdd9
  specs:
    reel (0.5.0.pre)
      celluloid (>= 0.15.1)
      celluloid-io (>= 0.15.0)
      http (>= 0.5.0)
      http_parser.rb (>= 0.6.0.beta.2)
      websocket_parser (>= 0.1.4)

GIT
  remote: git://github.com/seancribbs/webmachine-ruby.git
  revision: b31e8227d90da0900bfd3dcdfa787cb2043098a8
  specs:
    webmachine (1.2.1)
      as-notifications (~> 1.0)
      i18n (>= 0.4.0)
      multi_json

PATH
  remote: .
  specs:
    lattice (0.1.0)
      activesupport (~> 4.0.0)
      celluloid (>= 0.15.1)
      colorize (>= 0.5.0)
      reel (>= 0.4.0)
      thor (>= 0.18.0)
      webmachine (~> 1.2.1)

GEM
  remote: https://rubygems.org/
  specs:
    activesupport (4.0.0)
      i18n (~> 0.6, >= 0.6.4)
      minitest (~> 4.2)
      multi_json (~> 1.3)
      thread_safe (~> 0.1)
      tzinfo (~> 0.3.37)
    as-notifications (1.0.1)
    atomic (1.1.14)
    celluloid-io (0.15.0)
      celluloid (>= 0.15.0)
      nio4r (>= 0.5.0)
    coderay (1.0.9)
    colorize (0.6.0)
    coveralls (0.7.0)
      multi_json (~> 1.3)
      rest-client
      simplecov (>= 0.7)
      term-ansicolor
      thor
    diff-lcs (1.2.4)
    ffi (1.9.0)
    formatador (0.2.4)
    guard (1.8.3)
      formatador (>= 0.2.4)
      listen (~> 1.3)
      lumberjack (>= 1.0.2)
      pry (>= 0.9.10)
      thor (>= 0.14.6)
    guard-rspec (3.1.0)
      guard (>= 1.8)
      rspec (~> 2.13)
    http (0.5.0)
      http_parser.rb
    http_parser.rb (0.6.0.beta.2)
    i18n (0.6.5)
    listen (1.3.1)
      rb-fsevent (>= 0.9.3)
      rb-inotify (>= 0.9)
      rb-kqueue (>= 0.2)
    lumberjack (1.0.4)
    method_source (0.8.2)
    mime-types (1.25)
    minitest (4.7.5)
    multi_json (1.8.0)
    nio4r (0.5.0)
    pry (0.9.12.2)
      coderay (~> 1.0.5)
      method_source (~> 0.8)
      slop (~> 3.4)
    rake (10.1.0)
    rb-fsevent (0.9.3)
    rb-inotify (0.9.2)
      ffi (>= 0.5.0)
    rb-kqueue (0.2.0)
      ffi (>= 0.5.0)
    rest-client (1.6.7)
      mime-types (>= 1.16)
    rspec (2.14.1)
      rspec-core (~> 2.14.0)
      rspec-expectations (~> 2.14.0)
      rspec-mocks (~> 2.14.0)
    rspec-core (2.14.5)
    rspec-expectations (2.14.3)
      diff-lcs (>= 1.1.3, < 2.0)
    rspec-mocks (2.14.3)
    simplecov (0.7.1)
      multi_json (~> 1.0)
      simplecov-html (~> 0.7.1)
    simplecov-html (0.7.1)
    slop (3.4.6)
    term-ansicolor (1.2.2)
      tins (~> 0.8)
    thor (0.18.1)
    thread_safe (0.1.3)
      atomic
    timers (1.1.0)
    tins (0.11.0)
    tzinfo (0.3.37)
    websocket_parser (0.1.4)
      http

PLATFORMS
  ruby

DEPENDENCIES
  celluloid!
  coveralls
  guard-rspec
  lattice!
  pry
  rake
  reel!
  rspec (>= 2.7.0)
  webmachine!
